GEM
  remote: https://rubygems.org/
  specs:
    chronic (0.10.1)
    dotenv (0.9.0)
    foreman (0.63.0)
      dotenv (>= 0.7)
      thor (>= 0.13.6)
    httparty (0.11.0)
      multi_json (~> 1.0)
      multi_xml (>= 0.5.2)
    kgio (2.8.0)
    multi_json (1.7.9)
    multi_xml (0.5.5)
    newrelic_rpm (3.6.6.147)
    rack (1.5.2)
    rack-protection (1.5.0)
      rack
    raindrops (0.12.0)
    sinatra (1.4.3)
      rack (~> 1.4)
      rack-protection (~> 1.4)
      tilt (~> 1.3, >= 1.3.4)
    thor (0.18.1)
    tilt (1.4.1)
    unicorn (4.6.3)
      kgio (~> 2.6)
      rack
      raindrops (~> 0.7)

PLATFORMS
  ruby

DEPENDENCIES
  chronic
  foreman
  httparty
  newrelic_rpm
  sinatra
  unicorn
